GEM
  remote: https://rubygems.org/
  specs:
    CFPropertyList (2.3.4)
    activesupport (4.2.7.1)
      i18n (~> 0.7)
      json (~> 1.7, >= 1.7.7)
      minitest (~> 5.1)
      thread_safe (~> 0.3, >= 0.3.4)
      tzinfo (~> 1.1)
    aws-sdk-v1 (1.66.0)
      json (~> 1.4)
      nokogiri (>= 1.4.4)
    claide (1.0.1)
    clamp (0.6.5)
    cocoapods (1.1.0)
      activesupport (>= 4.0.2, < 5)
      claide (>= 1.0.1, < 2.0)
      cocoapods-core (= 1.1.0)
      cocoapods-deintegrate (>= 1.0.1, < 2.0)
      cocoapods-downloader (>= 1.1.2, < 2.0)
      cocoapods-plugins (>= 1.0.0, < 2.0)
      cocoapods-search (>= 1.0.0, < 2.0)
      cocoapods-stats (>= 1.0.0, < 2.0)
      cocoapods-trunk (>= 1.1.0, < 2.0)
      cocoapods-try (>= 1.1.0, < 2.0)
      colored (~> 1.2)
      escape (~> 0.0.4)
      fourflusher (~> 2.0.1)
      gh_inspector (~> 1.0)
      molinillo (~> 0.5.1)
      nap (~> 1.0)
      xcodeproj (>= 1.3.2, < 2.0)
    cocoapods-core (1.1.0)
      activesupport (>= 4.0.2, < 5)
      fuzzy_match (~> 2.0.4)
      nap (~> 1.0)
    cocoapods-deintegrate (1.0.1)
    cocoapods-downloader (1.1.2)
    cocoapods-plugins (1.0.0)
      nap
    cocoapods-search (1.0.0)
    cocoapods-stats (1.0.0)
    cocoapods-trunk (1.1.1)
      nap (>= 0.8, < 2.0)
      netrc (= 0.7.8)
    cocoapods-try (1.1.0)
    colored (1.2)
    coveralls (0.8.16)
      json (>= 1.8, < 3)
      simplecov (~> 0.12.0)
      term-ansicolor (~> 1.3.0)
      thor (~> 0.19.1)
      tins (>= 1.6.0, < 2)
    docile (1.1.5)
    escape (0.0.4)
    fourflusher (2.0.1)
    fui (0.3.0)
      gli
    fuzzy_match (2.0.4)
    gh_inspector (1.0.2)
    gli (2.14.0)
    i18n (0.7.0)
    json (1.8.3)
    mini_portile2 (2.1.0)
    minitest (5.10.0)
    molinillo (0.5.4)
    mustache (0.99.8)
    nanaimo (0.2.3)
    nap (1.1.0)
    netrc (0.7.8)
    nokogiri (1.6.8.1)
      mini_portile2 (~> 2.1.0)
    rouge (1.11.1)
    second_curtain (0.2.4)
      aws-sdk-v1 (~> 1.52)
      mustache (~> 0.99)
    simplecov (0.12.0)
      docile (~> 1.1.0)
      json (>= 1.8, < 3)
      simplecov-html (~> 0.10.0)
    simplecov-html (0.10.0)
    slather (2.3.0)
      activesupport (>= 4.0.2, < 5)
      clamp (~> 0.6)
      nokogiri (~> 1.6.3)
      xcodeproj (>= 0.20, < 2.0.0)
    term-ansicolor (1.3.2)
      tins (~> 1.0)
    thor (0.19.4)
    thread_safe (0.3.5)
    tins (1.13.0)
    tzinfo (1.2.2)
      thread_safe (~> 0.1)
    xcodeproj (1.4.1)
      CFPropertyList (~> 2.3.3)
      activesupport (>= 3)
      claide (>= 1.0.1, < 2.0)
      colored (~> 1.2)
      nanaimo (~> 0.2.0)
    xcpretty (0.2.4)
      rouge (~> 1.8)

PLATFORMS
  ruby

DEPENDENCIES
  cocoapods (= 1.1.0)
  coveralls
  fui (~> 0.3.0)
  second_curtain (~> 0.2.3)
  slather
  xcpretty

BUNDLED WITH
   1.12.5
